GEM
  remote: https://rubygems.org/
  specs:
    plist (3.1.0)
    rake (10.1.1)

PLATFORMS
  ruby
  x86-mingw32

DEPENDENCIES
  plist
  rake
