GEM
  remote: https://rubygems.org/
  specs:
    plist (3.1.0)

PLATFORMS
  x86-mingw32

DEPENDENCIES
  plist
